GEM
  remote: https://rubygems.org/
  specs:
    coderay (1.1.3)
    json (2.3.1)
    method_source (1.0.0)
    mini_portile2 (2.4.0)
    net-http (0.1.0)
    nokogiri (1.10.10)
      mini_portile2 (~> 2.4.0)
    open-uri (0.1.0)
    pry (0.13.1)
      coderay (~> 1.1)
      method_source (~> 1.0)
    require_all (3.0.0)

PLATFORMS
  ruby

DEPENDENCIES
  json
  net-http
  nokogiri
  open-uri
  pry
  require_all

BUNDLED WITH
   2.1.4
